PATH
  remote: .
  specs:
    px-kinesis-client (0.0.25)
      aws-sdk (~> 2.0)
      circuit_breaker (~> 1.1)
      msgpack
      px-service-legacy-client (~> 1.0.4)
      redis

GEM
  remote: https://rubygems.org/
  remote: https://gems.500px.net/
  specs:
    aasm (5.0.0)
      concurrent-ruby (~> 1.0)
    activesupport (5.2.1)
      concurrent-ruby (~> 1.0, >= 1.0.2)
      i18n (>= 0.7, < 2)
      minitest (~> 5.1)
      tzinfo (~> 1.1)
    aws-sdk (2.11.109)
      aws-sdk-resources (= 2.11.109)
    aws-sdk-core (2.11.109)
      aws-sigv4 (~> 1.0)
      jmespath (~> 1.0)
    aws-sdk-resources (2.11.109)
      aws-sdk-core (= 2.11.109)
    aws-sigv4 (1.0.3)
    circuit_breaker (1.1.2)
      aasm
    concurrent-ruby (1.0.5)
    dalli (2.7.8)
    diff-lcs (1.3)
    ethon (0.11.0)
      ffi (>= 1.3.0)
    ffi (1.9.25)
    i18n (1.1.0)
      concurrent-ruby (~> 1.0)
    jmespath (1.4.0)
    minitest (5.11.3)
    msgpack (1.2.4)
    px-service-legacy-client (1.0.7)
      activesupport
      circuit_breaker (~> 1.1)
      dalli
      typhoeus
      will_paginate (~> 3.0)
    rake (12.3.1)
    redis (4.0.2)
    rspec (3.8.0)
      rspec-core (~> 3.8.0)
      rspec-expectations (~> 3.8.0)
      rspec-mocks (~> 3.8.0)
    rspec-core (3.8.0)
      rspec-support (~> 3.8.0)
    rspec-expectations (3.8.1)
      diff-lcs (>= 1.2.0, < 2.0)
      rspec-support (~> 3.8.0)
    rspec-mocks (3.8.0)
      diff-lcs (>= 1.2.0, < 2.0)
      rspec-support (~> 3.8.0)
    rspec-support (3.8.0)
    thread_safe (0.3.6)
    timecop (0.9.1)
    typhoeus (1.3.0)
      ethon (>= 0.9.0)
    tzinfo (1.2.5)
      thread_safe (~> 0.1)
    will_paginate (3.1.6)

PLATFORMS
  ruby

DEPENDENCIES
  bundler (~> 1.6)
  px-kinesis-client!
  px-service-legacy-client!
  rake
  rspec
  timecop

BUNDLED WITH
   1.16.0
