PATH
  remote: .
  specs:
    px-kinesis-client (0.0.16)
      aws-sdk (~> 2.0.0)
      circuit_breaker (~> 1.1)
      msgpack
      px-service-legacy-client (= 1.0.3)
      redis

GEM
  remote: https://rubygems.org/
  specs:
    aasm (4.9.0)
    activesupport (4.2.6)
      i18n (~> 0.7)
      json (~> 1.7, >= 1.7.7)
      minitest (~> 5.1)
      thread_safe (~> 0.3, >= 0.3.4)
      tzinfo (~> 1.1)
    aws-sdk (2.0.48)
      aws-sdk-resources (= 2.0.48)
    aws-sdk-core (2.0.48)
      builder (~> 3.0)
      jmespath (~> 1.0)
      multi_json (~> 1.0)
    aws-sdk-resources (2.0.48)
      aws-sdk-core (= 2.0.48)
    builder (3.2.2)
    circuit_breaker (1.1.2)
      aasm
    dalli (2.7.6)
    diff-lcs (1.2.5)
    ethon (0.8.1)
      ffi (>= 1.3.0)
    ffi (1.9.10)
    i18n (0.7.0)
    jmespath (1.1.3)
    json (1.8.3)
    minitest (5.8.4)
    msgpack (0.7.4)
    multi_json (1.11.2)
    px-service-legacy-client (1.0.3)
      activesupport
      circuit_breaker (~> 1.1)
      dalli
      typhoeus
      will_paginate (~> 3.0)
    rake (10.4.2)
    redis (3.2.2)
    rspec (3.2.0)
      rspec-core (~> 3.2.0)
      rspec-expectations (~> 3.2.0)
      rspec-mocks (~> 3.2.0)
    rspec-core (3.2.2)
      rspec-support (~> 3.2.0)
    rspec-expectations (3.2.0)
      diff-lcs (>= 1.2.0, < 2.0)
      rspec-support (~> 3.2.0)
    rspec-mocks (3.2.1)
      diff-lcs (>= 1.2.0, < 2.0)
      rspec-support (~> 3.2.0)
    rspec-support (3.2.2)
    thread_safe (0.3.5)
    timecop (0.7.3)
    typhoeus (1.0.1)
      ethon (>= 0.8.0)
    tzinfo (1.2.2)
      thread_safe (~> 0.1)
    will_paginate (3.1.0)

PLATFORMS
  ruby

DEPENDENCIES
  bundler (~> 1.6)
  px-kinesis-client!
  rake
  rspec
  timecop

BUNDLED WITH
   1.11.2
